GEM
  remote: https://rubygems.org/
  specs:
    CFPropertyList (3.0.0)
    atomos (0.1.3)
    claide (1.0.2)
    colored2 (3.1.2)
    nanaimo (0.2.6)
    rouge (2.0.7)
    rubyzip (1.2.3)
    xcode-archive-cache (0.0.6)
      claide (~> 1.0)
      rubyzip (~> 1.2)
      xcodeproj (~> 1.7)
      xcpretty (~> 0.3)
    xcodeproj (1.11.0)
      CFPropertyList (>= 2.3.3, < 4.0)
      atomos (~> 0.1.3)
      claide (>= 1.0.2, < 2.0)
      colored2 (~> 3.1)
      nanaimo (~> 0.2.6)
    xcpretty (0.3.0)
      rouge (~> 2.0.7)

PLATFORMS
  ruby

DEPENDENCIES
  xcode-archive-cache (= 0.0.6)

BUNDLED WITH
   2.0.1
